GIT
  remote: git://github.com/mumuki/mumukit-auth.git
  revision: 1dbf108b44924ce2155233fd753f5581f37977c8
  specs:
    mumukit-auth (7.0.0)
      jwt
      mumukit-core (~> 1.0)

GIT
  remote: git://github.com/mumuki/mumukit-platform.git
  revision: d8fb94619f1e1f5fc08976f0dc37626ec4e7b877
  specs:
    mumukit-platform (0.3.0)
      mumukit-core (~> 1.0)

GIT
  remote: https://github.com/mumuki/mumukit-content-type
  revision: d9eb505242d3b29a5b61f41022326f56c7c6e5d0
  ref: v1.0.0-mumuki-rouge
  specs:
    mumukit-content-type (1.0.0)
      md_emoji
      mumukit-core (~> 1.0)
      redcarpet (~> 3.3.2)

GIT
  remote: https://github.com/mumuki/rouge
  revision: 5a8db3387f3a67232569969cd3da40ee04eb9dc3
  ref: 5a8db3387f3a67232569969cd3da40ee04eb9dc3
  specs:
    rouge (2.0.7)

GEM
  remote: https://rubygems.org/
  remote: https://rails-assets.org/
  specs:
    ace-rails-ap (4.1.2)
    actionmailer (4.1.16)
      actionpack (= 4.1.16)
      actionview (= 4.1.16)
      mail (~> 2.5, >= 2.5.4)
    actionpack (4.1.16)
      actionview (= 4.1.16)
      activesupport (= 4.1.16)
      rack (~> 1.5.2)
      rack-test (~> 0.6.2)
    actionview (4.1.16)
      activesupport (= 4.1.16)
      builder (~> 3.1)
      erubis (~> 2.7.0)
    activemodel (4.1.16)
      activesupport (= 4.1.16)
      builder (~> 3.1)
    activerecord (4.1.16)
      activemodel (= 4.1.16)
      activesupport (= 4.1.16)
      arel (~> 5.0.0)
    activesupport (4.1.16)
      i18n (~> 0.6, >= 0.6.9)
      json (~> 1.7, >= 1.7.7)
      minitest (~> 5.1)
      thread_safe (~> 0.1)
      tzinfo (~> 1.1)
    addressable (2.5.1)
      public_suffix (~> 2.0, >= 2.0.2)
    amq-protocol (2.1.0)
    arel (5.0.1.20140414130214)
    autoprefixer-rails (6.7.7.2)
      execjs
    better_errors (2.1.1)
      coderay (>= 1.0.0)
      erubis (>= 2.6.6)
      rack (>= 0.9.0)
    binding_of_caller (0.7.2)
      debug_inspector (>= 0.0.1)
    bootstrap-kaminari-views (0.0.5)
      kaminari (>= 0.13)
      rails (>= 3.1)
    bootstrap-sass (3.3.7)
      autoprefixer-rails (>= 5.2.1)
      sass (>= 3.3.4)
    bootstrap_form (2.7.0)
    bootswatch-rails (3.3.5)
      railties (>= 3.1)
    builder (3.2.3)
    bunny (2.6.5)
      amq-protocol (>= 2.1.0)
    byebug (9.0.6)
    capybara (2.3.0)
      mime-types (>= 1.16)
      nokogiri (>= 1.3.3)
      rack (>= 1.0.0)
      rack-test (>= 0.5.4)
      xpath (~> 2.0)
    codeclimate-test-reporter (1.0.8)
      simplecov (<= 0.13)
    coderay (1.1.1)
    coffee-rails (4.2.1)
      coffee-script (>= 2.2.0)
      railties (>= 4.0.0, < 5.2.x)
    coffee-script (2.4.1)
      coffee-script-source
      execjs
    coffee-script-source (1.12.2)
    concurrent-ruby (1.0.5)
    debug_inspector (0.0.2)
    diff-lcs (1.3)
    docile (1.1.5)
    domain_name (0.5.20170404)
      unf (>= 0.0.5, < 1.0.0)
    easy_translate (0.5.0)
      json
      thread
      thread_safe
    erubis (2.7.0)
    execjs (2.7.0)
    factory_girl (4.8.0)
      activesupport (>= 3.0.0)
    factory_girl_rails (4.8.0)
      factory_girl (~> 4.8.0)
      railties (>= 3.0.0)
    faker (1.7.3)
      i18n (~> 0.5)
    faraday (0.11.0)
      multipart-post (>= 1.2, < 3)
    font-awesome-rails (4.7.0.1)
      railties (>= 3.2, < 5.1)
    hashie (3.5.5)
    highline (1.7.8)
    http-cookie (1.0.3)
      domain_name (~> 0.5)
    i18n (0.8.1)
    i18n-tasks (0.8.7)
      activesupport (>= 2.3.18)
      easy_translate (>= 0.5.0)
      erubis
      highline (>= 1.7.3)
      i18n
      term-ansicolor (>= 1.3.2)
      terminal-table (>= 1.5.1)
    jquery-rails (3.1.4)
      railties (>= 3.0, < 5.0)
      thor (>= 0.14, < 2.0)
    json (1.8.6)
    jwt (1.5.6)
    kaminari (0.16.3)
      actionpack (>= 3.0.0)
      activesupport (>= 3.0.0)
    libv8 (3.16.14.19)
    mail (2.6.5)
      mime-types (>= 1.16, < 4)
    md_emoji (1.0.2)
      railties (>= 3.1.0)
      redcarpet (>= 2.0)
    method_source (0.8.2)
    mime-types (3.1)
      mime-types-data (~> 3.2015)
    mime-types-data (3.2016.0521)
    mini_portile2 (2.1.0)
    minitest (5.10.1)
    multi_json (1.12.1)
    multi_xml (0.6.0)
    multipart-post (2.0.0)
    mumukit-bridge (3.0.0)
      mumukit-core (~> 1.0)
      rest-client
    mumukit-core (1.0.0)
      activesupport (>= 4.1)
      i18n (~> 0.7)
      rack (>= 1.5)
    mumukit-inspection (1.0.0)
      mumukit-core (~> 1.0)
    mumukit-login (3.0.0)
      addressable
      mumukit-auth (~> 7.0)
      mumukit-core (~> 1.0)
      omniauth (~> 1.2)
      omniauth-auth0 (~> 1.1)
      omniauth-saml (~> 1.6)
      rack (>= 1.5)
    mumukit-nuntius (5.0.0)
      bunny (~> 2.3)
      mumukit-core (~> 1.0)
    netrc (0.11.0)
    nokogiri (1.7.1)
      mini_portile2 (~> 2.1.0)
    nprogress-rails (0.2.0.2)
    oauth2 (1.3.1)
      faraday (>= 0.8, < 0.12)
      jwt (~> 1.0)
      multi_json (~> 1.3)
      multi_xml (~> 0.5)
      rack (>= 1.2, < 3)
    omniauth (1.4.2)
      hashie (>= 1.2, < 4)
      rack (>= 1.0, < 3)
    omniauth-auth0 (1.4.2)
      omniauth-oauth2 (~> 1.1)
    omniauth-oauth2 (1.4.0)
      oauth2 (~> 1.0)
      omniauth (~> 1.2)
    omniauth-saml (1.7.0)
      omniauth (~> 1.3)
      ruby-saml (~> 1.4)
    pg (0.18.4)
    pg_search (1.0.6)
      activerecord (>= 3.1)
      activesupport (>= 3.1)
      arel
    pry (0.10.4)
      coderay (~> 1.1.0)
      method_source (~> 0.8.1)
      slop (~> 3.4)
    pry-byebug (3.4.2)
      byebug (~> 9.0)
      pry (~> 0.10)
    pry-rails (0.3.6)
      pry (>= 0.10.4)
    pry-remote (0.1.8)
      pry (~> 0.9)
      slop (~> 3.0)
    pry-stack_explorer (0.4.9.2)
      binding_of_caller (>= 0.7)
      pry (>= 0.9.11)
    public_suffix (2.0.5)
    puma (3.8.2)
    rack (1.5.5)
    rack-test (0.6.3)
      rack (>= 1.0)
    rails (4.1.16)
      actionmailer (= 4.1.16)
      actionpack (= 4.1.16)
      actionview (= 4.1.16)
      activemodel (= 4.1.16)
      activerecord (= 4.1.16)
      activesupport (= 4.1.16)
      bundler (>= 1.3.0, < 2.0)
      railties (= 4.1.16)
      sprockets-rails (~> 2.0)
    rails-assets-awesome-bootstrap-checkbox (0.3.7)
    rails-assets-dev-awesome (0.3.0)
    rails-i18n (4.0.9)
      i18n (~> 0.7)
      railties (~> 4.0)
    railties (4.1.16)
      actionpack (= 4.1.16)
      activesupport (= 4.1.16)
      rake (>= 0.8.7)
      thor (>= 0.18.1, < 2.0)
    rake (10.4.2)
    redcarpet (3.3.4)
    ref (2.0.0)
    rest-client (2.0.2)
      http-cookie (>= 1.0.2, < 2.0)
      mime-types (>= 1.16, < 4.0)
      netrc (~> 0.8)
    rspec-collection_matchers (1.1.3)
      rspec-expectations (>= 2.99.0.beta1)
    rspec-core (2.99.2)
    rspec-expectations (2.99.2)
      diff-lcs (>= 1.1.3, < 2.0)
    rspec-mocks (2.99.4)
    rspec-rails (2.99.0)
      actionpack (>= 3.0)
      activemodel (>= 3.0)
      activesupport (>= 3.0)
      railties (>= 3.0)
      rspec-collection_matchers
      rspec-core (~> 2.99.0)
      rspec-expectations (~> 2.99.0)
      rspec-mocks (~> 2.99.0)
    ruby-saml (1.4.2)
      nokogiri (>= 1.5.10)
    sass (3.4.23)
    sass-rails (5.0.6)
      railties (>= 4.0.0, < 6)
      sass (~> 3.1)
      sprockets (>= 2.8, < 4.0)
      sprockets-rails (>= 2.0, < 4.0)
      tilt (>= 1.1, < 3)
    simplecov (0.13.0)
      docile (~> 1.1.0)
      json (>= 1.8, < 3)
      simplecov-html (~> 0.10.0)
    simplecov-html (0.10.0)
    sitemap_generator (5.3.1)
      builder (~> 3.0)
    slop (3.6.0)
    sprockets (3.7.1)
      concurrent-ruby (~> 1.0)
      rack (> 1, < 3)
    sprockets-rails (2.3.3)
      actionpack (>= 3.0)
      activesupport (>= 3.0)
      sprockets (>= 2.8, < 4.0)
    term-ansicolor (1.6.0)
      tins (~> 1.0)
    terminal-table (1.7.3)
      unicode-display_width (~> 1.1.1)
    therubyracer (0.12.3)
      libv8 (~> 3.16.14.15)
      ref
    thor (0.19.4)
    thread (0.2.2)
    thread_safe (0.3.6)
    tilt (2.0.7)
    tins (1.13.2)
    turbolinks (2.5.3)
      coffee-rails
    tzinfo (1.2.3)
      thread_safe (~> 0.1)
    uglifier (2.7.2)
      execjs (>= 0.3.0)
      json (>= 1.8.0)
    unf (0.1.4)
      unf_ext
    unf_ext (0.0.7.4)
    unicode-display_width (1.1.3)
    xpath (2.0.0)
      nokogiri (~> 1.3)
    yaml_db (0.5.0)
      rails (>= 3.0, < 5.1)
      rake (>= 0.8.7)

PLATFORMS
  ruby

DEPENDENCIES
  ace-rails-ap (~> 4.0)
  better_errors
  binding_of_caller
  bootstrap-kaminari-views
  bootstrap-sass (~> 3.3.5)
  bootstrap_form
  bootswatch-rails
  bunny
  capybara (~> 2.3.0)
  codeclimate-test-reporter
  execjs
  factory_girl_rails
  faker (~> 1.5)
  font-awesome-rails
  i18n-tasks (~> 0.8.3)
  jquery-rails
  kaminari (~> 0.16.3)
  mumukit-auth!
  mumukit-bridge (~> 3.0)
  mumukit-content-type!
  mumukit-core (~> 1.0)
  mumukit-inspection (~> 1.0)
  mumukit-login (~> 3.0)
  mumukit-nuntius (~> 5.0)
  mumukit-platform!
  nprogress-rails
  omniauth (~> 1.4.0)
  pg (~> 0.18.0)
  pg_search (~> 1.0)
  pry
  pry-byebug
  pry-rails
  pry-remote
  pry-stack_explorer
  puma
  rack (~> 1.5)
  rails (~> 4.1.14)
  rails-assets-awesome-bootstrap-checkbox!
  rails-assets-dev-awesome!
  rails-i18n (~> 4.0.0)
  rake (= 10.4.2)
  rouge!
  rspec-rails (~> 2.14)
  sass-rails
  sitemap_generator
  therubyracer
  turbolinks (~> 2.5)
  uglifier (~> 2.7)
  yaml_db

RUBY VERSION
   ruby 2.3.1p112

BUNDLED WITH
   1.14.6
